GEM
  remote: https://rubygems.org/
  specs:
    rake (0.8.7)

PLATFORMS
  ruby

DEPENDENCIES
  rake (= 0.8.7)

RUBY VERSION
   ruby 2.1.5p273

BUNDLED WITH
   1.12.5
